GEM
  remote: https://rubygems.org/
  specs:
    concurrent-ruby (1.1.7)
    ejs (1.1.1)
    rack (2.2.3)
    sprockets (3.7.2)
      concurrent-ruby (~> 1.0)
      rack (> 1, < 3)

PLATFORMS
  ruby
  x64-mingw32

DEPENDENCIES
  ejs (~> 1.1.1)
  rack (~> 2.2)
  sprockets (~> 3.7.1)

BUNDLED WITH
   2.2.14
